GEM
  remote: http://rubygems.org/
  specs:
    bson (4.2.1)
    diff-lcs (1.3)
    mongo (2.3.1)
      bson (~> 4.1)
    parallel (1.10.0)
    rspec (3.5.0)
      rspec-core (~> 3.5.0)
      rspec-expectations (~> 3.5.0)
      rspec-mocks (~> 3.5.0)
    rspec-core (3.5.4)
      rspec-support (~> 3.5.0)
    rspec-expectations (3.5.0)
      diff-lcs (>= 1.2.0, < 2.0)
      rspec-support (~> 3.5.0)
    rspec-mocks (3.5.0)
      diff-lcs (>= 1.2.0, < 2.0)
      rspec-support (~> 3.5.0)
    rspec-support (3.5.0)

PLATFORMS
  ruby

DEPENDENCIES
  mongo (~> 2.3.0)
  parallel
  rspec

BUNDLED WITH
   1.14.4
